GEM
  remote: https://rubygems.org/
  specs:
    celluloid (0.15.2)
      timers (~> 1.1.0)
    connection_pool (1.2.0)
    ice_cube (0.11.3)
    json (1.8.1)
    mock_redis (0.13.2)
    redis (3.0.7)
    redis-namespace (1.4.1)
      redis (~> 3.0.4)
    sidekiq (2.17.6)
      celluloid (>= 0.15.2)
      connection_pool (>= 1.0.0)
      json
      redis (>= 3.0.6)
      redis-namespace (>= 1.3.1)
    sidekiq-unique-jobs (3.0.0)
      mock_redis
      sidekiq (>= 2.6)
    sidetiq (0.5.0)
      celluloid (>= 0.14.1)
      ice_cube (~> 0.11.0)
      sidekiq (>= 2.16.0)
    timers (1.1.0)

PLATFORMS
  ruby

DEPENDENCIES
  sidekiq
  sidekiq-unique-jobs
  sidetiq
